GEM
  remote: https://rubygems.org/
  specs:
    actioncable (7.2.0.beta3)
      actionpack (= 7.2.0.beta3)
      activesupport (= 7.2.0.beta3)
      nio4r (~> 2.0)
      websocket-driver (>= 0.6.1)
      zeitwerk (~> 2.6)
    actionmailbox (7.2.0.beta3)
      actionpack (= 7.2.0.beta3)
      activejob (= 7.2.0.beta3)
      activerecord (= 7.2.0.beta3)
      activestorage (= 7.2.0.beta3)
      activesupport (= 7.2.0.beta3)
      mail (>= 2.8.0)
    actionmailer (7.2.0.beta3)
      actionpack (= 7.2.0.beta3)
      actionview (= 7.2.0.beta3)
      activejob (= 7.2.0.beta3)
      activesupport (= 7.2.0.beta3)
      mail (>= 2.8.0)
      rails-dom-testing (~> 2.2)
    actionpack (7.2.0.beta3)
      actionview (= 7.2.0.beta3)
      activesupport (= 7.2.0.beta3)
      nokogiri (>= 1.8.5)
      racc
      rack (>= 2.2.4)
      rack-session (>= 1.0.1)
      rack-test (>= 0.6.3)
      rails-dom-testing (~> 2.2)
      rails-html-sanitizer (~> 1.6)
      useragent (~> 0.16)
    actiontext (7.2.0.beta3)
      actionpack (= 7.2.0.beta3)
      activerecord (= 7.2.0.beta3)
      activestorage (= 7.2.0.beta3)
      activesupport (= 7.2.0.beta3)
      globalid (>= 0.6.0)
      nokogiri (>= 1.8.5)
    actionview (7.2.0.beta3)
      activesupport (= 7.2.0.beta3)
      builder (~> 3.1)
      erubi (~> 1.11)
      rails-dom-testing (~> 2.2)
      rails-html-sanitizer (~> 1.6)
    active_job-performs (0.3.1)
      activejob (>= 6.1)
    activejob (7.2.0.beta3)
      activesupport (= 7.2.0.beta3)
      globalid (>= 0.3.6)
    activemodel (7.2.0.beta3)
      activesupport (= 7.2.0.beta3)
    activerecord (7.2.0.beta3)
      activemodel (= 7.2.0.beta3)
      activesupport (= 7.2.0.beta3)
      timeout (>= 0.4.0)
    activerecord-enhancedsqlite3-adapter (0.8.0)
      activerecord (>= 7.1)
      sqlite3 (>= 1.6)
    activestorage (7.2.0.beta3)
      actionpack (= 7.2.0.beta3)
      activejob (= 7.2.0.beta3)
      activerecord (= 7.2.0.beta3)
      activesupport (= 7.2.0.beta3)
      marcel (~> 1.0)
    activesupport (7.2.0.beta3)
      base64
      bigdecimal
      concurrent-ruby (~> 1.0, >= 1.3.1)
      connection_pool (>= 2.2.5)
      drb
      i18n (>= 1.6, < 2)
      logger (>= 1.4.2)
      minitest (>= 5.1)
      tzinfo (~> 2.0, >= 2.0.5)
    addressable (2.8.7)
      public_suffix (>= 2.0.2, < 7.0)
    ahoy_matey (4.2.1)
      activesupport (>= 5.2)
      device_detector
      safely_block (>= 0.2.1)
    annotate (3.2.0)
      activerecord (>= 3.2, < 8.0)
      rake (>= 10.4, < 14.0)
    appsignal (3.10.0)
      rack
    ast (2.4.2)
    authentication-zero (2.16.36)
    base64 (0.2.0)
    bcrypt (3.1.20)
    better_html (2.1.1)
      actionview (>= 6.0)
      activesupport (>= 6.0)
      ast (~> 2.0)
      erubi (~> 1.4)
      parser (>= 2.4)
      smart_properties
    bigdecimal (3.1.8)
    bindex (0.8.1)
    bootsnap (1.18.3)
      msgpack (~> 1.2)
    builder (3.3.0)
    byebug (11.1.3)
    capybara (3.40.0)
      addressable
      matrix
      mini_mime (>= 0.1.3)
      nokogiri (~> 1.11)
      rack (>= 1.6.0)
      rack-test (>= 0.6.3)
      regexp_parser (>= 1.5, < 3.0)
      xpath (~> 3.2)
    chartkick (5.0.7)
    concurrent-ruby (1.3.3)
    connection_pool (2.4.1)
    countries (5.7.2)
      unaccent (~> 0.3)
    country_select (8.0.3)
      countries (~> 5.0)
    crack (0.4.5)
      rexml
    crass (1.0.6)
    date (3.3.4)
    debug (1.9.2)
      irb (~> 1.10)
      reline (>= 0.3.8)
    device_detector (1.1.3)
    dockerfile-rails (1.6.17)
      rails (>= 3.0.0)
    dotenv (3.1.2)
    dotenv-rails (3.1.2)
      dotenv (= 3.1.2)
      railties (>= 6.1)
    drb (2.2.1)
    dry-cli (1.0.0)
    dry-core (1.0.1)
      concurrent-ruby (~> 1.0)
      zeitwerk (~> 2.6)
    dry-inflector (1.1.0)
    dry-initializer (3.1.1)
    dry-initializer-rails (3.1.1)
      dry-initializer (>= 2.4, < 4)
      rails (> 3.0)
    dry-logic (1.5.0)
      concurrent-ruby (~> 1.0)
      dry-core (~> 1.0, < 2)
      zeitwerk (~> 2.6)
    dry-types (1.7.2)
      bigdecimal (~> 3.0)
      concurrent-ruby (~> 1.0)
      dry-core (~> 1.0)
      dry-inflector (~> 1.0)
      dry-logic (~> 1.4)
      zeitwerk (~> 2.6)
    erb_lint (0.4.0)
      activesupport
      better_html (>= 2.0.1)
      parser (>= 2.7.1.4)
      rainbow
      rubocop
      smart_properties
    error_highlight (0.6.0)
    erubi (1.13.0)
    et-orbi (1.2.11)
      tzinfo
    event_stream_parser (1.0.0)
    faraday (2.10.0)
      faraday-net_http (>= 2.0, < 3.2)
      logger
    faraday-multipart (1.0.4)
      multipart-post (~> 2)
    faraday-net_http (3.1.0)
      net-http
    fugit (1.11.0)
      et-orbi (~> 1, >= 1.2.11)
      raabro (~> 1.4)
    globalid (1.2.1)
      activesupport (>= 6.1)
    google-protobuf (4.27.2-arm64-darwin)
      bigdecimal
      rake (>= 13)
    google-protobuf (4.27.2-x86_64-linux)
      bigdecimal
      rake (>= 13)
    groupdate (6.4.0)
      activesupport (>= 6.1)
    hashdiff (1.1.0)
    httparty (0.21.0)
      mini_mime (>= 1.0.0)
      multi_xml (>= 0.5.2)
    i18n (1.14.5)
      concurrent-ruby (~> 1.0)
    importmap-rails (2.0.1)
      actionpack (>= 6.0.0)
      activesupport (>= 6.0.0)
      railties (>= 6.0.0)
    inline_svg (1.9.0)
      activesupport (>= 3.0)
      nokogiri (>= 1.6)
    io-console (0.7.2)
    irb (1.14.0)
      rdoc (>= 4.0.0)
      reline (>= 0.4.2)
    jbuilder (2.12.0)
      actionview (>= 5.0.0)
      activesupport (>= 5.0.0)
    json (2.7.2)
    json-repair (0.2.0)
    language_server-protocol (3.17.0.3)
    lint_roller (1.1.0)
    litestream (0.10.4-arm64-darwin)
      logfmt (>= 0.0.10)
      sqlite3
    litestream (0.10.4-x86_64-linux)
      logfmt (>= 0.0.10)
      sqlite3
    logfmt (0.0.10)
    logger (1.6.0)
    loofah (2.22.0)
      crass (~> 1.0.2)
      nokogiri (>= 1.12.0)
    mail (2.8.1)
      mini_mime (>= 0.1.1)
      net-imap
      net-pop
      net-smtp
    marcel (1.0.4)
    matrix (0.4.2)
    meilisearch (0.26.0)
      httparty (>= 0.17.1, < 0.22.0)
    meilisearch-rails (0.13.1)
      meilisearch (~> 0.26.0)
    meta-tags (2.21.0)
      actionpack (>= 6.0.0, < 7.2)
    method_source (1.1.0)
    mini_mime (1.1.5)
    minitest (5.24.1)
    mission_control-jobs (0.2.1)
      importmap-rails
      rails (~> 7.1)
      stimulus-rails
      turbo-rails
    msgpack (1.7.2)
    multi_xml (0.7.1)
      bigdecimal (~> 3.1)
    multipart-post (2.4.1)
    net-http (0.3.2)
      uri
    net-imap (0.4.14)
      date
      net-protocol
    net-pop (0.1.2)
      net-protocol
    net-protocol (0.2.2)
      timeout
    net-smtp (0.5.0)
      net-protocol
    nio4r (2.7.3)
    nokogiri (1.16.6-arm64-darwin)
      racc (~> 1.4)
    nokogiri (1.16.6-x86_64-linux)
      racc (~> 1.4)
    pagy (6.5.0)
    parallel (1.25.1)
    parser (3.3.3.0)
      ast (~> 2.4.1)
      racc
    prism (0.30.0)
    propshaft (0.9.0)
      actionpack (>= 7.0.0)
      activesupport (>= 7.0.0)
      rack
      railties (>= 7.0.0)
    psych (5.1.2)
      stringio
    public_suffix (6.0.0)
    puma (6.4.2)
      nio4r (~> 2.0)
    raabro (1.4.0)
    racc (1.8.0)
    rack (3.1.7)
    rack-mini-profiler (3.3.1)
      rack (>= 1.2.0)
    rack-proxy (0.7.7)
      rack
    rack-session (2.0.0)
      rack (>= 3.0.0)
    rack-test (2.1.0)
      rack (>= 1.3)
    rackup (2.1.0)
      rack (>= 3)
      webrick (~> 1.8)
    rails (7.2.0.beta3)
      actioncable (= 7.2.0.beta3)
      actionmailbox (= 7.2.0.beta3)
      actionmailer (= 7.2.0.beta3)
      actionpack (= 7.2.0.beta3)
      actiontext (= 7.2.0.beta3)
      actionview (= 7.2.0.beta3)
      activejob (= 7.2.0.beta3)
      activemodel (= 7.2.0.beta3)
      activerecord (= 7.2.0.beta3)
      activestorage (= 7.2.0.beta3)
      activesupport (= 7.2.0.beta3)
      bundler (>= 1.15.0)
      railties (= 7.2.0.beta3)
    rails-controller-testing (1.0.5)
      actionpack (>= 5.0.1.rc1)
      actionview (>= 5.0.1.rc1)
      activesupport (>= 5.0.1.rc1)
    rails-dom-testing (2.2.0)
      activesupport (>= 5.0.0)
      minitest
      nokogiri (>= 1.6)
    rails-html-sanitizer (1.6.0)
      loofah (~> 2.21)
      nokogiri (~> 1.14)
    rails_autolink (1.1.8)
      actionview (> 3.1)
      activesupport (> 3.1)
      railties (> 3.1)
    railties (7.2.0.beta3)
      actionpack (= 7.2.0.beta3)
      activesupport (= 7.2.0.beta3)
      irb (~> 1.13)
      rackup (>= 1.0.0)
      rake (>= 12.2)
      thor (~> 1.0, >= 1.2.2)
      zeitwerk (~> 2.6)
    rainbow (3.1.1)
    rake (13.2.1)
    rbs (3.5.1)
      logger
    rdoc (6.7.0)
      psych (>= 4.0.0)
    redcarpet (3.6.0)
    regexp_parser (2.9.2)
    reline (0.5.9)
      io-console (~> 0.5)
    rexml (3.3.1)
      strscan
    rubocop (1.64.1)
      json (~> 2.3)
      language_server-protocol (>= 3.17.0)
      parallel (~> 1.10)
      parser (>= 3.3.0.2)
      rainbow (>= 2.2.2, < 4.0)
      regexp_parser (>= 1.8, < 3.0)
      rexml (>= 3.2.5, < 4.0)
      rubocop-ast (>= 1.31.1, < 2.0)
      ruby-progressbar (~> 1.7)
      unicode-display_width (>= 2.4.0, < 3.0)
    rubocop-ast (1.31.3)
      parser (>= 3.3.1.0)
    rubocop-performance (1.21.1)
      rubocop (>= 1.48.1, < 2.0)
      rubocop-ast (>= 1.31.1, < 2.0)
    ruby-lsp (0.17.5)
      language_server-protocol (~> 3.17.0)
      prism (>= 0.29.0, < 0.31)
      rbs (>= 3, < 4)
      sorbet-runtime (>= 0.5.10782)
    ruby-lsp-rails (0.3.8)
      ruby-lsp (>= 0.17.2, < 0.18.0)
    ruby-openai (7.1.0)
      event_stream_parser (>= 0.3.0, < 2.0.0)
      faraday (>= 1)
      faraday-multipart (>= 1)
    ruby-progressbar (1.13.0)
    rubyzip (2.3.2)
    safely_block (0.4.0)
    selenium-webdriver (4.22.0)
      base64 (~> 0.2)
      logger (~> 1.4)
      rexml (~> 3.2, >= 3.2.5)
      rubyzip (>= 1.2.2, < 3.0)
      websocket (~> 1.0)
    sitemap_generator (6.3.0)
      builder (~> 3.0)
    smart_properties (1.17.0)
    solid_cache (0.6.0)
      activejob (>= 7)
      activerecord (>= 7)
      railties (>= 7)
    solid_queue (0.3.3)
      activejob (>= 7.1)
      activerecord (>= 7.1)
      concurrent-ruby (>= 1.3.1)
      fugit (~> 1.11.0)
      railties (>= 7.1)
    sorbet-runtime (0.5.11475)
    sqlite3 (2.0.2-arm64-darwin)
    sqlite3 (2.0.2-x86_64-linux-gnu)
    standard (1.39.1)
      language_server-protocol (~> 3.17.0.2)
      lint_roller (~> 1.0)
      rubocop (~> 1.64.0)
      standard-custom (~> 1.0.0)
      standard-performance (~> 1.4)
    standard-custom (1.0.2)
      lint_roller (~> 1.0)
      rubocop (~> 1.50)
    standard-performance (1.4.0)
      lint_roller (~> 1.1)
      rubocop-performance (~> 1.21.0)
    standardrb (1.0.1)
      standard
    stimulus-rails (1.3.3)
      railties (>= 6.0.0)
    stringio (3.1.1)
    strscan (3.1.0)
    thor (1.3.1)
    timeout (0.4.1)
    turbo-rails (2.0.5)
      actionpack (>= 6.0.0)
      activejob (>= 6.0.0)
      railties (>= 6.0.0)
    tzinfo (2.0.6)
      concurrent-ruby (~> 1.0)
    unaccent (0.4.0)
    unicode-display_width (2.4.2)
    uri (0.12.2)
    useragent (0.16.10)
    vcr (6.2.0)
    view_component (3.12.1)
      activesupport (>= 5.2.0, < 8.0)
      concurrent-ruby (~> 1.0)
      method_source (~> 1.0)
    vite_rails (3.0.17)
      railties (>= 5.1, < 8)
      vite_ruby (~> 3.0, >= 3.2.2)
    vite_ruby (3.6.0)
      dry-cli (>= 0.7, < 2)
      rack-proxy (~> 0.6, >= 0.6.1)
      zeitwerk (~> 2.2)
    web-console (4.2.1)
      actionview (>= 6.0.0)
      activemodel (>= 6.0.0)
      bindex (>= 0.4.0)
      railties (>= 6.0.0)
    webmock (3.23.1)
      addressable (>= 2.8.0)
      crack (>= 0.3.2)
      hashdiff (>= 0.4.0, < 2.0.0)
    webrick (1.8.1)
    websocket (1.2.11)
    websocket-driver (0.7.6)
      websocket-extensions (>= 0.1.0)
    websocket-extensions (0.1.5)
    xpath (3.2.0)
      nokogiri (~> 1.8)
    zeitwerk (2.6.16)

PLATFORMS
  arm64-darwin-23
  x86_64-linux

DEPENDENCIES
  active_job-performs (~> 0.3.1)
  activerecord-enhancedsqlite3-adapter
  ahoy_matey (~> 4.2)
  annotate
  appsignal (~> 3.4)
  authentication-zero (~> 2.16)
  bcrypt (~> 3.1.7)
  bootsnap
  byebug (~> 11.1)
  capybara
  chartkick (~> 5.0)
  countries
  country_select (~> 8.0)
  debug
  dockerfile-rails (>= 1.2)
  dotenv-rails
  dry-initializer-rails
  dry-types (~> 1.7)
  erb_lint (~> 0.4.0)
  error_highlight (>= 0.4.0)
  google-protobuf
  groupdate (~> 6.2)
  inline_svg (~> 1.9)
  jbuilder
  json-repair (~> 0.2.0)
  litestream (~> 0.10.1)
  meilisearch-rails
  meta-tags (~> 2.18)
  mission_control-jobs
  net-http (~> 0.3.2)
  pagy (~> 6.0)
  propshaft
  puma
  rack-mini-profiler
  rails (~> 7.2.0.beta2)
  rails-controller-testing
  rails_autolink (~> 1.1)
  redcarpet (~> 3.6)
  ruby-lsp-rails
  ruby-openai
  selenium-webdriver
  sitemap_generator (~> 6.3)
  solid_cache
  solid_queue
  sqlite3 (~> 2.0)
  standardrb (~> 1.0)
  turbo-rails
  tzinfo-data
  vcr (~> 6.1)
  view_component (~> 3.7)
  vite_rails
  web-console
  webmock

RUBY VERSION
   ruby 3.3.1p55

BUNDLED WITH
   2.5.10
